PATH
  remote: .
  specs:
    jruby-kafka (1.4.0-java)
      jar-dependencies (~> 0)
      ruby-maven (~> 3.1)

GEM
  remote: https://rubygems.org/
  specs:
    jar-dependencies (0.1.14)
    rake (10.4.2)
    ruby-maven (3.3.2)
      ruby-maven-libs (~> 3.3.1)
    ruby-maven-libs (3.3.3)

PLATFORMS
  java

DEPENDENCIES
  jruby-kafka!
  rake (~> 10.4)
