PATH
  remote: .
  specs:
    sorceror_jruby-kafka (2.0.0-java)
      jar-dependencies (~> 0)
      ruby-maven (~> 3.1)

GEM
  remote: https://rubygems.org/
  specs:
    jar-dependencies (0.1.14)
    rake (10.4.2)
    ruby-maven (3.3.2)
      ruby-maven-libs (~> 3.3.1)
    ruby-maven-libs (3.3.3)

PLATFORMS
  java

DEPENDENCIES
  rake (~> 10.4)
  sorceror_jruby-kafka!

BUNDLED WITH
   1.10.3
